GEM
  remote: http://rubygems.org/
  specs:
    activesupport (4.1.0)
      i18n (~> 0.6, >= 0.6.9)
      json (~> 1.7, >= 1.7.7)
      minitest (~> 5.1)
      thread_safe (~> 0.1)
      tzinfo (~> 1.1)
    blankslate (2.1.2.4)
    chronic (0.10.2)
    elasticsearch (1.0.1)
      elasticsearch-api (= 1.0.1)
      elasticsearch-transport (= 1.0.1)
    elasticsearch-api (1.0.1)
      multi_json
    elasticsearch-transport (1.0.1)
      faraday
      multi_json
    faraday (0.9.0)
      multipart-post (>= 1.2, < 3)
    i18n (0.6.9)
    json (1.8.1)
    minitest (5.3.3)
    multi_json (1.9.3)
    multipart-post (2.0.0)
    parslet (1.6.0)
      blankslate (~> 2.0)
    plunk (0.3.10)
      activesupport (~> 4.0, >= 4.0.0)
      chronic (~> 0.10, >= 0.10.0)
      elasticsearch (~> 1.0, >= 1.0.0)
      json (~> 1.8, >= 1.8.0)
      parslet (~> 1.5, >= 1.5.0)
    thread_safe (0.3.3)
    tzinfo (1.1.0)
      thread_safe (~> 0.1)

PLATFORMS
  ruby

DEPENDENCIES
  plunk
